GEM
  remote: http://rubygems.org/
  specs:
    builder (3.2.3)
    childprocess (0.7.0)
      ffi (~> 1.0, >= 1.0.11)
    cucumber (1.2.1)
      builder (>= 2.1.2)
      diff-lcs (>= 1.1.3)
      gherkin (~> 2.11.0)
      json (>= 1.4.6)
    diff-lcs (1.1.3)
    ffi (1.9.18-x64-mingw32)
    gherkin (2.11.8)
      multi_json (~> 1.3)
    httparty (0.8.3)
      multi_json (~> 1.0)
      multi_xml
    json (1.8.6)
    multi_json (1.12.1)
    multi_xml (0.6.0)
    mustermann (1.0.0)
    rack (2.0.3)
    rack-protection (2.0.0)
      rack
    rspec (2.11.0)
      rspec-core (~> 2.11.0)
      rspec-expectations (~> 2.11.0)
      rspec-mocks (~> 2.11.0)
    rspec-core (2.11.1)
    rspec-expectations (2.11.3)
      diff-lcs (~> 1.1.3)
    rspec-mocks (2.11.3)
    sinatra (2.0.0)
      mustermann (~> 1.0)
      rack (~> 2.0)
      rack-protection (= 2.0.0)
      tilt (~> 2.0)
    tilt (2.0.7)

PLATFORMS
  x64-mingw32

DEPENDENCIES
  childprocess (= 0.7.0)
  cucumber (= 1.2.1)
  httparty (= 0.8.3)
  json (= 1.8.6)
  rspec (= 2.11.0)
  sinatra (= 2.0.0)

BUNDLED WITH
   1.14.6
