GEM
  remote: http://rubygems.org/
  specs:
    activesupport (5.1.1)
      concurrent-ruby (~> 1.0, >= 1.0.2)
      i18n (~> 0.7)
      minitest (~> 5.1)
      tzinfo (~> 1.1)
    concurrent-ruby (1.0.5)
    factory_girl (3.5.0)
      activesupport (>= 3.0.0)
    i18n (0.8.1)
    minitest (5.10.2)
    thread_safe (0.3.6)
    tzinfo (1.2.3)
      thread_safe (~> 0.1)

PLATFORMS
  x64-mingw32

DEPENDENCIES
  factory_girl (= 3.5.0)

BUNDLED WITH
   1.14.6
